GEM
  remote: https://rubygems.org/
  specs:
    awesome_print (1.8.0)

PLATFORMS
  x86_64-darwin-20

DEPENDENCIES
  awesome_print

BUNDLED WITH
   2.2.4
